PATH
  remote: .
  specs:
    ermir (0.1.0)
      colorize (~> 0.8.1)
      slop (~> 4.9.2)

GEM
  remote: https://rubygems.org/
  specs:
    colorize (0.8.1)
    diff-lcs (1.5.0)
    rake (13.0.6)
    rspec (3.11.0)
      rspec-core (~> 3.11.0)
      rspec-expectations (~> 3.11.0)
      rspec-mocks (~> 3.11.0)
    rspec-core (3.11.0)
      rspec-support (~> 3.11.0)
    rspec-expectations (3.11.0)
      diff-lcs (>= 1.2.0, < 2.0)
      rspec-support (~> 3.11.0)
    rspec-mocks (3.11.1)
      diff-lcs (>= 1.2.0, < 2.0)
      rspec-support (~> 3.11.0)
    rspec-support (3.11.0)
    slop (4.9.2)

PLATFORMS
  x64-mingw32

DEPENDENCIES
  ermir!
  rake (~> 13.0)
  rspec (~> 3.0)

BUNDLED WITH
   2.3.15
